FRAMEWORK: NET45
NUGET
  remote: https://www.nuget.org/api/v2
    FAKE (4.42)
    FSharp.Core (4.0.0.1)
    FsUnit (2.3.2)
      FSharp.Core (>= 3.1.2.5)
      NUnit (3.5)
    Node.js (5.3)
    Npm.js (2.13.1)
      Node.js (>= 0.12.7)
    NUnit (3.5)
    Octokit (0.23)
GIT
  remote: https://github.com/ionide/FsAutoComplete.git
     (fedc1e128dbb0822ade5198cde1e259680038595)
      build: build.cmd LocalRelease
      os: windows
     (fedc1e128dbb0822ade5198cde1e259680038595)
      build: build.sh LocalRelease
      os: mono
  remote: https://github.com/fsprojects/Forge.git
     (d921492142d47a82ed8258ab4e25dcad6e69f467)
      build: build.cmd Build
      os: windows
     (d921492142d47a82ed8258ab4e25dcad6e69f467)
      build: build.sh Build
      os: mono
  remote: https://github.com/ionide/ionide-fsgrammar.git
     (d627014204dbf241fb80d80895f8fcaa0f95941d)
GITHUB
  remote: fsharp/FAKE
    modules/Octokit/Octokit.fsx (f3f230ffde29fa370daf7d7be53e872e929dd487)
      Octokit (>= 0.20)
  remote: Ionide/ionide-vscode-helpers
    Fable.Import.Axios.fs (f0a354725400be015eba98d568c9126941ebba3a)
    Fable.Import.VSCode.fs (f0a354725400be015eba98d568c9126941ebba3a)
    Fable.Import.ws.fs (f0a354725400be015eba98d568c9126941ebba3a)
    Helpers.fs (f0a354725400be015eba98d568c9126941ebba3a)